GEM
  remote: http://rubygems.org/
  specs:
    bson (1.6.0)
    bson_ext (1.6.0)
      bson (= 1.6.0)
    diff-lcs (1.1.3)
    json (1.6.5)
    mongo (1.6.0)
      bson (= 1.6.0)
    rack (1.4.1)
    rack-test (0.6.1)
      rack (>= 1.0)
    rake (0.9.2.2)
    rspec (2.8.0)
      rspec-core (~> 2.8.0)
      rspec-expectations (~> 2.8.0)
      rspec-mocks (~> 2.8.0)
    rspec-core (2.8.0)
    rspec-expectations (2.8.0)
      diff-lcs (~> 1.1.2)
    rspec-mocks (2.8.0)

PLATFORMS
  ruby

DEPENDENCIES
  bson_ext
  json
  mongo
  rack
  rack-test
  rake
  rspec
